GEM
  remote: http://rubygems.org/
  specs:
    mime-types (1.18)
    nfc (2.1.0)
    rest-client (1.6.7)
      mime-types (>= 1.16)

PLATFORMS
  ruby

DEPENDENCIES
  nfc
  rest-client
